GEM
  remote: https://rubygems.org/
  specs:
    actionmailer (4.1.1)
      actionpack (= 4.1.1)
      actionview (= 4.1.1)
      mail (~> 2.5.4)
    actionpack (4.1.1)
      actionview (= 4.1.1)
      activesupport (= 4.1.1)
      rack (~> 1.5.2)
      rack-test (~> 0.6.2)
    actionview (4.1.1)
      activesupport (= 4.1.1)
      builder (~> 3.1)
      erubis (~> 2.7.0)
    activemodel (4.1.1)
      activesupport (= 4.1.1)
      builder (~> 3.1)
    activerecord (4.1.1)
      activemodel (= 4.1.1)
      activesupport (= 4.1.1)
      arel (~> 5.0.0)
    activesupport (4.1.1)
      i18n (~> 0.6, >= 0.6.9)
      json (~> 1.7, >= 1.7.7)
      minitest (~> 5.1)
      thread_safe (~> 0.1)
      tzinfo (~> 1.1)
    acts_as_list (0.6.0)
      activerecord (>= 3.0)
    addressable (2.3.7)
    amoeba (2.1.0)
      activerecord (>= 3.2.6, < 5)
    ancestry (2.1.0)
      activerecord (>= 3.0.0)
    arel (5.0.1.20140414130214)
    bcrypt (3.1.10)
    bootstrap-switch-rails (2.0.0)
    bootstrap-wysihtml5-rails (0.3.3.4)
      railties (>= 3.0)
    builder (3.2.2)
    cancancan (1.10.1)
    carrierwave (0.10.0)
      activemodel (>= 3.2.0)
      activesupport (>= 3.2.0)
      json (>= 1.7)
      mime-types (>= 1.16)
    ckeditor (4.1.1)
      cocaine
      orm_adapter (~> 0.5.0)
    climate_control (0.0.3)
      activesupport (>= 3.0)
    cocaine (0.5.5)
      climate_control (>= 0.0.3, < 1.0)
    coffee-rails (4.0.1)
      coffee-script (>= 2.2.0)
      railties (>= 4.0.0, < 5.0)
    coffee-script (2.3.0)
      coffee-script-source
      execjs
    coffee-script-source (1.9.0)
    colorize (0.7.5)
    deface (1.0.1)
      colorize (>= 0.5.8)
      nokogiri (~> 1.6.0)
      polyglot
      rails (>= 3.1)
    devise (3.4.1)
      bcrypt (~> 3.0)
      orm_adapter (~> 0.1)
      railties (>= 3.2.6, < 5)
      responders
      thread_safe (~> 0.1)
      warden (~> 1.2.3)
    disqus (1.0.4)
      json
    erubis (2.7.0)
    excon (0.44.1)
    execjs (2.3.0)
    fancybox2-rails (0.2.8)
      railties (>= 3.1.0, < 5.0)
    faraday (0.9.1)
      multipart-post (>= 1.2, < 3)
    friendly_id (5.1.0)
      activerecord (>= 4.0.0)
    haml (4.0.6)
      tilt
    haml-rails (0.8.2)
      actionpack (>= 4.0.1)
      activesupport (>= 4.0.1)
      haml (>= 3.1, < 5.0)
      html2haml (>= 1.0.1)
      railties (>= 4.0.1)
    hike (1.2.3)
    html2haml (2.0.0)
      erubis (~> 2.7.0)
      haml (~> 4.0.0)
      nokogiri (~> 1.6.0)
      ruby_parser (~> 3.5)
    htmlentities (4.3.3)
    i18n (0.7.0)
    jbuilder (2.2.5)
      activesupport (>= 3.0.0, < 5)
      multi_json (~> 1.2)
    jquery-datatables-rails (1.12.2)
      jquery-rails
    jquery-fileupload-rails (0.4.4)
      actionpack (>= 3.1)
      railties (>= 3.1)
      sass (>= 3.2)
    jquery-rails (3.1.2)
      railties (>= 3.0, < 5.0)
      thor (>= 0.14, < 2.0)
    jquery-ui-rails (4.2.1)
      railties (>= 3.2.16)
    json (1.8.2)
    jwt (1.2.1)
    mail (2.5.4)
      mime-types (~> 1.16)
      treetop (~> 1.4.8)
    mime-types (1.25.1)
    mini_magick (3.8.1)
      subexec (~> 0.2.1)
    mini_portile (0.6.2)
    minitest (5.5.1)
    mokio (0.0.12)
      acts_as_list (~> 0.4, >= 0.4.0)
      amoeba (~> 2.0, >= 2.0.0)
      ancestry (~> 2.1, >= 2.1.0)
      bootstrap-switch-rails (= 2.0.0)
      bootstrap-wysihtml5-rails (~> 0.3, >= 0.3.1.23)
      cancancan (~> 1.7)
      carrierwave (~> 0.10, >= 0.10.0)
      ckeditor (~> 4.0, >= 4.0.8)
      coffee-rails (~> 4.0, >= 4.0.0)
      deface (~> 1.0, >= 1.0.0)
      devise (~> 3.2, >= 3.2.4)
      disqus (~> 1.0, >= 1.0.4)
      fancybox2-rails (~> 0.2, >= 0.2.8)
      faraday (~> 0.7, >= 0.7.6)
      friendly_id (~> 5.0, >= 5.0.3)
      haml-rails (~> 0.5, >= 0.5.3)
      jquery-datatables-rails (~> 1.12, >= 1.12.2)
      jquery-fileupload-rails (~> 0.4, >= 0.4.1)
      jquery-rails (~> 3.1, >= 3.1.0)
      jquery-ui-rails (~> 4.2, >= 4.2.1)
      mini_magick (~> 3.7, >= 3.7.0)
      rails (~> 4.0, >= 4.0.3, <= 4.1.1)
      rake (~> 10.3, >= 10.3.1)
      rmagick (~> 2.13, >= 2.13.2)
      role_model (~> 0.8, >= 0.8.1)
      sass-rails (~> 4.0, >= 4.0.2)
      simple_form (= 3.0.2)
      slim-rails (~> 2.1, >= 2.1.5)
      sunspot_rails (~> 2.1, >= 2.1.0)
      uglifier (~> 1.3, >= 1.3.0)
      validates (~> 0.0, >= 0.0.8)
      video_info (~> 2.3, >= 2.3.1)
      will_paginate (~> 3.0, >= 3.0.5)
      youtube_it (~> 2.1, >= 2.1.4)
    multi_json (1.10.1)
    multi_xml (0.5.5)
    multipart-post (2.0.0)
    mysql2 (0.3.17)
    nokogiri (1.6.6.2)
      mini_portile (~> 0.6.0)
    oauth (0.4.7)
    oauth2 (1.0.0)
      faraday (>= 0.8, < 0.10)
      jwt (~> 1.0)
      multi_json (~> 1.3)
      multi_xml (~> 0.5)
      rack (~> 1.2)
    orm_adapter (0.5.0)
    polyglot (0.3.5)
    pr_geohash (1.0.0)
    rack (1.5.2)
    rack-test (0.6.3)
      rack (>= 1.0)
    rails (4.1.1)
      actionmailer (= 4.1.1)
      actionpack (= 4.1.1)
      actionview (= 4.1.1)
      activemodel (= 4.1.1)
      activerecord (= 4.1.1)
      activesupport (= 4.1.1)
      bundler (>= 1.3.0, < 2.0)
      railties (= 4.1.1)
      sprockets-rails (~> 2.0)
    railties (4.1.1)
      actionpack (= 4.1.1)
      activesupport (= 4.1.1)
      rake (>= 0.8.7)
      thor (>= 0.18.1, < 2.0)
    rake (10.4.2)
    rdoc (4.2.0)
      json (~> 1.4)
    responders (1.1.2)
      railties (>= 3.2, < 4.2)
    rmagick (2.13.4)
    role_model (0.8.1)
    rsolr (1.0.10)
      builder (>= 2.1.2)
    ruby_parser (3.6.4)
      sexp_processor (~> 4.1)
    sass (3.2.19)
    sass-rails (4.0.5)
      railties (>= 4.0.0, < 5.0)
      sass (~> 3.2.2)
      sprockets (~> 2.8, < 3.0)
      sprockets-rails (~> 2.0)
    sdoc (0.4.1)
      json (~> 1.7, >= 1.7.7)
      rdoc (~> 4.0)
    sexp_processor (4.4.5)
    simple_form (3.0.2)
      actionpack (~> 4.0)
      activemodel (~> 4.0)
    simple_oauth (0.3.1)
    slim (2.1.0)
      temple (~> 0.6.9)
      tilt (>= 1.3.3, < 2.1)
    slim-rails (2.1.5)
      actionpack (>= 3.0, < 4.2)
      activesupport (>= 3.0, < 4.2)
      railties (>= 3.0, < 4.2)
      slim (~> 2.0)
    spring (1.2.0)
    sprockets (2.12.3)
      hike (~> 1.2)
      multi_json (~> 1.0)
      rack (~> 1.0)
      tilt (~> 1.1, != 1.3.0)
    sprockets-rails (2.2.4)
      actionpack (>= 3.0)
      activesupport (>= 3.0)
      sprockets (>= 2.8, < 4.0)
    subexec (0.2.3)
    sunspot (2.1.1)
      pr_geohash (~> 1.0)
      rsolr (~> 1.0.7)
    sunspot_rails (2.1.1)
      nokogiri
      rails (>= 3)
      sunspot (= 2.1.1)
    temple (0.6.10)
    thor (0.19.1)
    thread_safe (0.3.4)
    tilt (1.4.1)
    treetop (1.4.15)
      polyglot
      polyglot (>= 0.3.1)
    tzinfo (1.2.2)
      thread_safe (~> 0.1)
    uglifier (1.3.0)
      execjs (>= 0.3.0)
      multi_json (~> 1.0, >= 1.0.2)
    validates (0.0.8)
      activemodel (>= 3.0.0)
      activesupport (>= 3.0.0)
    video_info (2.4.0)
      addressable
      htmlentities
      multi_json
    warden (1.2.3)
      rack (>= 1.0)
    will_paginate (3.0.7)
    youtube_it (2.4.2)
      builder
      excon
      faraday (>= 0.8, < 0.10)
      json (~> 1.8)
      nokogiri (~> 1.6.0)
      oauth (~> 0.4.4)
      oauth2 (~> 1.0.0)
      simple_oauth (>= 0.1.5)

PLATFORMS
  ruby

DEPENDENCIES
  coffee-rails (~> 4.0.0)
  jbuilder (~> 2.0)
  jquery-rails
  mokio
  mysql2
  rails (= 4.1.1)
  sass-rails (~> 4.0.3)
  sdoc (~> 0.4.0)
  spring
